GEM
  remote: https://rubygems.org/
  specs:
    coderay (1.1.0)
    columnize (0.9.0)
    debugger (1.6.8)
      columnize (>= 0.3.1)
      debugger-linecache (~> 1.2.0)
      debugger-ruby_core_source (~> 1.3.5)
    debugger-linecache (1.2.0)
    debugger-ruby_core_source (1.3.8)
    mediawiki-gateway (1.0.0)
      rest-client (~> 1.7)
    method_source (0.8.2)
    mime-types (2.4.3)
    netrc (0.10.3)
    pry (0.10.1)
      coderay (~> 1.1.0)
      method_source (~> 0.8.1)
      slop (~> 3.4)
    pry-debugger (0.2.3)
      debugger (~> 1.3)
      pry (>= 0.9.10, < 0.11.0)
    rest-client (1.7.3)
      mime-types (>= 1.16, < 3.0)
      netrc (~> 0.7)
    slop (3.6.0)

PLATFORMS
  ruby

DEPENDENCIES
  mediawiki-gateway
  pry-debugger
