GIT
  remote: git://github.com/MusikAnimal/mediawiki-gateway.git
  revision: 748605fd55cf6bbb84a89dca40e315d315cb0878
  branch: master
  specs:
    mediawiki-gateway (1.0.6)
      rest-client (~> 1.7)

GEM
  remote: https://rubygems.org/
  specs:
    byebug (8.2.1)
    coderay (1.1.0)
    domain_name (0.5.25)
      unf (>= 0.0.5, < 1.0.0)
    http-cookie (1.0.2)
      domain_name (~> 0.5)
    httparty (0.13.7)
      json (~> 1.8)
      multi_xml (>= 0.5.2)
    i18n (0.7.0)
    json (1.8.3)
    method_source (0.8.2)
    mime-types (2.99)
    multi_xml (0.5.5)
    mysql2 (0.4.2)
    netrc (0.11.0)
    nokogiri (1.5.10)
    pry (0.10.3)
      coderay (~> 1.1.0)
      method_source (~> 0.8.1)
      slop (~> 3.4)
    pry-byebug (3.3.0)
      byebug (~> 8.0)
      pry (~> 0.10)
    redis (3.2.2)
    rest-client (1.8.0)
      http-cookie (>= 1.0.2, < 2.0)
      mime-types (>= 1.16, < 3.0)
      netrc (~> 0.7)
    slop (3.6.0)
    unf (0.1.4)
      unf_ext
    unf_ext (0.0.7.1)
    unicode (0.4.4.2)

PLATFORMS
  ruby

DEPENDENCIES
  httparty
  i18n
  mediawiki-gateway!
  mysql2
  nokogiri
  pry-byebug
  redis
  unicode

BUNDLED WITH
   1.12.5
