GIT
  remote: git://github.com/MusikAnimal/mediawiki-gateway.git
  revision: ed6950553811333f91769772e89791fda6840517
  branch: master
  specs:
    mediawiki-gateway (1.0.4)
      rest-client (~> 1.7)

GEM
  remote: https://rubygems.org/
  specs:
    coderay (1.1.0)
    domain_name (0.5.24)
      unf (>= 0.0.5, < 1.0.0)
    http-cookie (1.0.2)
      domain_name (~> 0.5)
    httparty (0.13.5)
      json (~> 1.8)
      multi_xml (>= 0.5.2)
    json (1.8.3)
    method_source (0.8.2)
    mime-types (2.6.1)
    multi_xml (0.5.5)
    mysql2 (0.3.18)
    netrc (0.10.3)
    pry (0.10.1)
      coderay (~> 1.1.0)
      method_source (~> 0.8.1)
      slop (~> 3.4)
    rest-client (1.8.0)
      http-cookie (>= 1.0.2, < 2.0)
      mime-types (>= 1.16, < 3.0)
      netrc (~> 0.7)
    slop (3.6.0)
    unf (0.1.4)
      unf_ext
    unf_ext (0.0.7.1)
    unicode (0.4.4.2)

PLATFORMS
  ruby

DEPENDENCIES
  httparty
  mediawiki-gateway!
  mysql2
  pry
  unicode

BUNDLED WITH
   1.10.6
